GIT
  remote: https://github.com/ParadoxV5/yard.git
  revision: 9e869c940859570b07b81c5eadd6070e76f6291e
  ref: 9e869c940859570b07b81c5eadd6070e76f6291e
  branch: commonmarker-1.0
  specs:
    yard (0.9.36)

PATH
  remote: .
  specs:
    aspisec (0.1.0)
      activesupport (~> 7.1, >= 7.1.3.2)
      docopt (~> 0.6)
      pastel (~> 0.8)
      sxdg (~> 1.0)
      tty-logger (~> 0.6)
      tty-prompt (~> 0.23)

GEM
  remote: https://rubygems.org/
  specs:
    activesupport (7.1.3.2)
      base64
      bigdecimal
      concurrent-ruby (~> 1.0, >= 1.0.2)
      connection_pool (>= 2.2.5)
      drb
      i18n (>= 1.6, < 2)
      minitest (>= 5.1)
      mutex_m
      tzinfo (~> 2.0)
    ast (2.4.2)
    backport (1.2.0)
    base64 (0.2.0)
    benchmark (0.3.0)
    bigdecimal (3.1.7)
    coderay (1.1.3)
    commonmarker (1.1.4)
      rb_sys (~> 0.9)
    commonmarker (1.1.4-x86_64-linux)
    concurrent-ruby (1.2.3)
    connection_pool (2.4.1)
    diff-lcs (1.5.1)
    docopt (0.6.1)
    drb (2.2.1)
    e2mmap (0.1.0)
    i18n (1.14.4)
      concurrent-ruby (~> 1.0)
    jaro_winkler (1.5.6)
    json (2.7.2)
    kramdown (2.4.0)
      rexml
    kramdown-parser-gfm (1.1.0)
      kramdown (~> 2.0)
    language_server-protocol (3.17.0.3)
    mini_portile2 (2.8.6)
    minitest (5.22.3)
    mutex_m (0.2.0)
    nokogiri (1.16.4)
      mini_portile2 (~> 2.8.2)
      racc (~> 1.4)
    nokogiri (1.16.4-x86_64-linux)
      racc (~> 1.4)
    parallel (1.25.1)
    parser (3.3.4.0)
      ast (~> 2.4.1)
      racc
    pastel (0.8.0)
      tty-color (~> 0.5)
    racc (1.8.0)
    rainbow (3.1.1)
    rb_sys (0.9.97)
    rbs (2.8.4)
    regexp_parser (2.9.2)
    reverse_markdown (2.1.1)
      nokogiri
    rexml (3.3.1)
      strscan
    rubocop (1.65.0)
      json (~> 2.3)
      language_server-protocol (>= 3.17.0)
      parallel (~> 1.10)
      parser (>= 3.3.0.2)
      rainbow (>= 2.2.2, < 4.0)
      regexp_parser (>= 2.4, < 3.0)
      rexml (>= 3.2.5, < 4.0)
      rubocop-ast (>= 1.31.1, < 2.0)
      ruby-progressbar (~> 1.7)
      unicode-display_width (>= 2.4.0, < 3.0)
    rubocop-ast (1.31.3)
      parser (>= 3.3.1.0)
    ruby-progressbar (1.13.0)
    solargraph (0.50.0)
      backport (~> 1.2)
      benchmark
      bundler (~> 2.0)
      diff-lcs (~> 1.4)
      e2mmap
      jaro_winkler (~> 1.5)
      kramdown (~> 2.3)
      kramdown-parser-gfm (~> 1.1)
      parser (~> 3.0)
      rbs (~> 2.0)
      reverse_markdown (~> 2.0)
      rubocop (~> 1.38)
      thor (~> 1.0)
      tilt (~> 2.0)
      yard (~> 0.9, >= 0.9.24)
    strscan (3.1.0)
    sxdg (1.0.0)
    thor (1.3.1)
    tilt (2.3.0)
    tty-color (0.6.0)
    tty-cursor (0.7.1)
    tty-logger (0.6.0)
      pastel (~> 0.8)
    tty-prompt (0.23.1)
      pastel (~> 0.8)
      tty-reader (~> 0.8)
    tty-reader (0.9.0)
      tty-cursor (~> 0.7)
      tty-screen (~> 0.8)
      wisper (~> 2.0)
    tty-screen (0.8.2)
    tzinfo (2.0.6)
      concurrent-ruby (~> 1.0)
    unicode-display_width (2.5.0)
    webrick (1.8.1)
    wisper (2.0.1)
    yard-coderay (0.1.0)
      coderay
      yard

PLATFORMS
  ruby
  x86_64-linux

DEPENDENCIES
  activesupport (~> 7.1, >= 7.1.3.2)
  aspisec!
  bundler (~> 2.5)
  commonmarker (~> 1.1)
  docopt (~> 0.6)
  pastel (~> 0.8)
  rubocop (~> 1.65)
  solargraph (~> 0.50)
  sxdg (~> 1.0)
  tty-logger (~> 0.6)
  tty-prompt (~> 0.23)
  webrick (~> 1.8)
  yard!
  yard-coderay (~> 0.1)

BUNDLED WITH
   2.5.5
